GEM
  remote: https://rubygems.org/
  specs:
    puppet-lint (1.1.0)

PLATFORMS
  ruby

DEPENDENCIES
  puppet-lint

BUNDLED WITH
   1.10.3
